GEM
  remote: https://rubygems.org/
  specs:
    ast (2.4.2)
    coderay (1.1.3)
    csv (3.2.2)
    date (3.2.2)
    diff-lcs (1.5.0)
    dotenv (2.7.6)
    jaro_winkler (1.5.4)
    json (2.6.1)
    method_source (1.0.0)
    nokogiri (1.13.1-x86_64-linux)
      racc (~> 1.4)
    open-uri (0.2.0)
      stringio
      time
      uri
    parallel (1.21.0)
    parser (3.1.0.0)
      ast (~> 2.4.1)
    powerpack (0.1.3)
    pry (0.14.1)
      coderay (~> 1.1)
      method_source (~> 1.0)
    racc (1.6.0)
    rainbow (3.1.1)
    rspec (3.10.0)
      rspec-core (~> 3.10.0)
      rspec-expectations (~> 3.10.0)
      rspec-mocks (~> 3.10.0)
    rspec-core (3.10.2)
      rspec-support (~> 3.10.0)
    rspec-expectations (3.10.2)
      diff-lcs (>= 1.2.0, < 2.0)
      rspec-support (~> 3.10.0)
    rspec-mocks (3.10.3)
      diff-lcs (>= 1.2.0, < 2.0)
      rspec-support (~> 3.10.0)
    rspec-support (3.10.3)
    rubocop (0.57.2)
      jaro_winkler (~> 1.5.1)
      parallel (~> 1.10)
      parser (>= 2.5)
      powerpack (~> 0.1)
      rainbow (>= 2.2.2, < 4.0)
      ruby-progressbar (~> 1.7)
      unicode-display_width (~> 1.0, >= 1.0.1)
    ruby-progressbar (1.11.0)
    stringio (3.0.1)
    time (0.2.0)
      date
    unicode-display_width (1.8.0)
    uri (0.11.0)

PLATFORMS
  x86_64-linux

DEPENDENCIES
  csv
  dotenv
  json
  nokogiri
  open-uri
  pry
  rspec
  rubocop (~> 0.57.2)

RUBY VERSION
   ruby 2.7.4p191

BUNDLED WITH
   2.3.6
